##TITLE=Parameter List, ParaVision 360 V3.4
##JCAMPDX=4.24
##DATATYPE=Parameter Values
##ORIGIN=Bruker BioSpin MRI GmbH
##OWNER=pciuser
$$ Write Options: Symbolic Enums, RLE encoded arrays, symbol visibility
$$ 2023-05-16 15:18:59.988 +0200  pciuser@czc1517b9t
$$ /opt/nmrdata/PV-360.3.4/data/pciuser/20230516_144623_Water_and_DMSO_eppendorf_MAR02002_DMSO_and_water_eppendorf_CSI_reconstruction_1_1/10/acqp
$$ process /opt/PV-360.3.4/prog/bin/parxserver
##$ACQ_protocol_name=( 64 )
<CSI_hyper_no_navigator>
##$ACQ_scan_name=( 64 )
<CSI_hyper_no_navigator (E10)>
##$ACQ_method=( 40 )
<Bruker:CSI>
##$ACQ_patient_pos=Head_Supine
##$ACQ_abs_time=(1684242917, 150, 120)
##$ACQ_operator=( 16 )
<pciuser>
##$ACQ_institution=( 48 )
<Fundació Institut de Bioenginyeria Barcelona>
##$ACQ_station=( 64 )
<MRT30/18>
##$ACQ_system_order_number=( 24 )
<5059480>
##$ACQ_sw_version=( 65 )
<PV-360.3.4>
##$ACQ_contrast_agent=( 20 )
<>
##$ACQ_AtsOffsetsSize=1
##$ACQ_AtsOffsets=( 1 )
-0
##$ACQ_AtsAbsolutePosition=830.197
##$ACQ_AtsCenterDistance=215.715178662008
##$ACQ_AtsCurrentOffset=-0.0121786620075
##$ACQ_AtsCoverOpen=No
##$PULPROG=( 32 )
<CSI.ppg>
##$ACQ_experiment_mode=SingleExperiment
##$ACQ_DS_enabled=Yes
##$ACQ_switch_pll_enabled=No
##$ACQ_GradRes=1
##$ACQ_dim_desc=( 3 )
Spectroscopic Spatial Spatial
##$ACQ_size=( 3 )
1024 1 1
##$ACQ_ns_list_size=1
##$ACQ_ns=1
##$ACQ_ns_list=( 1 )
1
##$ACQ_phase_factor=1
##$ACQ_scan_size=One_scan
##$NI=1
##$NA=1
##$NAE=1
##$NR=1
##$DS=0
##$SW_h=0
##$SF0ppm=127.642482726736
##$ACQ_O1_list_size=1
##$ACQ_O1_list=( 1 )
1294.1979
##$ACQ_O1B_list_size=1
##$ACQ_O1B_list=( 1 )
0
##$ACQ_O2_list_size=1
##$ACQ_O2_list=( 1 )
0
##$ACQ_O3_list_size=1
##$ACQ_O3_list=( 1 )
0
##$NUCLEUS=( 8 )
<1H>
##$ACQ_vd_list_size=0
##$ACQ_vp_list_size=0
##$ACQ_completed=Yes
##$ACQ_word_size=_32_BIT
##$NECHOES=1
##$ACQ_n_echo_images=1
##$ACQ_n_movie_frames=1
##$ACQ_echo_descr=( 1, 20 )
<>
##$ACQ_movie_descr=( 1, 20 )
<>
##$ACQ_fov=( 3 )
6 6 4
##$ACQ_read_ext=1
##$ACQ_slice_angle=( 1 )
0
##$ACQ_slice_orient=Arbitrary_Oblique
##$ACQ_read_offset=( 1 )
4.69636
##$ACQ_phase1_offset=( 1 )
3.69478
##$ACQ_phase2_offset=( 1 )
0
##$ACQ_slice_sepn=( 1 )
12
##$ACQ_slice_sepn_mode=Contiguous
##$ACQ_slice_thick=12
##$ACQ_slice_offset=( 1 )
5.66802
##$ACQ_obj_order=( 1 )
0
##$ACQ_flip_angle=90
##$ACQ_inter_echo_time=( 1 )
0.993576642335766
##$ACQ_recov_time=( 1 )
519.254814785314
##$ACQ_inversion_time=( 1 )
0
##$ACQ_temporal_delay=( 1 )
0
##$ACQ_RF_power=0
##$ACQ_transmitter_coil=( 16 )
<>
##$ACQ_position_X=0
##$ACQ_position_Y=0
##$ACQ_position_Z=0
##$BYTORDA=little
##$ACQ_adc_overflow=( 1 )
No
##$GRPDLY=-1
##$FRQLO3=0
##$FQ1LIST=( 16 )
<ACQ_O1_list>
##$FQ2LIST=( 16 )
<ACQ_O2_list>
##$FQ3LIST=( 16 )
<ACQ_O3_list>
##$FQ8LIST=( 16 )
<ACQ_O1B_list>
##$HPPRGN=normal
##$LOCNUC=( 8 )
<off>
##$SOLVENT=( 16 )
<>
##$DE=4.75
##$ACQ_scaling_read=1
##$ACQ_scaling_phase=1
##$ACQ_scaling_slice=1
##$ACQ_grad_matrix_size=1
##$ACQ_grad_matrix=( 1, 3, 3 )
0 0 -1 -1 0 0 0 1 0
##$ACQ_GradientMatrixSize=1
##$ACQ_GradientMatrix=( 1, 3, 3 )
0 0 -1 -1 0 0 0 1 0
##$NSLICES=1
##$ACQ_phase_encoding_mode=( 2 )
User_Defined_Encoding User_Defined_Encoding
##$ACQ_phase_enc_start=( 2 )
-1 -1
##$ACQ_spatial_size_0=256
##$ACQ_spatial_phase_0=( 256 )
-1 -0.875 -0.75 -0.625 -0.5 -0.375 -0.25 -0.125 0 0.125 0.25 0.375 0.5 0.625 
0.75 0.875 -1 -0.875 -0.75 -0.625 -0.5 -0.375 -0.25 -0.125 0 0.125 0.25 0.375 
0.5 0.625 0.75 0.875 -1 -0.875 -0.75 -0.625 -0.5 -0.375 -0.25 -0.125 0 0.125 
0.25 0.375 0.5 0.625 0.75 0.875 -1 -0.875 -0.75 -0.625 -0.5 -0.375 -0.25 
-0.125 0 0.125 0.25 0.375 0.5 0.625 0.75 0.875 -1 -0.875 -0.75 -0.625 -0.5 
-0.375 -0.25 -0.125 0 0.125 0.25 0.375 0.5 0.625 0.75 0.875 -1 -0.875 -0.75 
-0.625 -0.5 -0.375 -0.25 -0.125 0 0.125 0.25 0.375 0.5 0.625 0.75 0.875 -1 
-0.875 -0.75 -0.625 -0.5 -0.375 -0.25 -0.125 0 0.125 0.25 0.375 0.5 0.625 
0.75 0.875 -1 -0.875 -0.75 -0.625 -0.5 -0.375 -0.25 -0.125 0 0.125 0.25 0.375 
0.5 0.625 0.75 0.875 -1 -0.875 -0.75 -0.625 -0.5 -0.375 -0.25 -0.125 0 0.125 
0.25 0.375 0.5 0.625 0.75 0.875 -1 -0.875 -0.75 -0.625 -0.5 -0.375 -0.25 
-0.125 0 0.125 0.25 0.375 0.5 0.625 0.75 0.875 -1 -0.875 -0.75 -0.625 -0.5 
-0.375 -0.25 -0.125 0 0.125 0.25 0.375 0.5 0.625 0.75 0.875 -1 -0.875 -0.75 
-0.625 -0.5 -0.375 -0.25 -0.125 0 0.125 0.25 0.375 0.5 0.625 0.75 0.875 -1 
-0.875 -0.75 -0.625 -0.5 -0.375 -0.25 -0.125 0 0.125 0.25 0.375 0.5 0.625 
0.75 0.875 -1 -0.875 -0.75 -0.625 -0.5 -0.375 -0.25 -0.125 0 0.125 0.25 0.375 
0.5 0.625 0.75 0.875 -1 -0.875 -0.75 -0.625 -0.5 -0.375 -0.25 -0.125 0 0.125 
0.25 0.375 0.5 0.625 0.75 0.875 -1 -0.875 -0.75 -0.625 -0.5 -0.375 -0.25 
-0.125 0 0.125 0.25 0.375 0.5 0.625 0.75 0.875
##$ACQ_spatial_size_1=256
##$ACQ_spatial_phase_1=( 256 )
@16*(-1) @16*(-0.875) @16*(-0.75) @16*(-0.625) @16*(-0.5) @16*(-0.375) 
@16*(-0.25) @16*(-0.125) @16*(0) @16*(0.125) @16*(0.25) @16*(0.375) @16*(0.5) 
@16*(0.625) @16*(0.75) @16*(0.875)
##$ACQ_gradient_amplitude=( 100 )
1.16584631932956 -0.696188959009864 1.36157234374255 2.04235851561383 -0 20 
@94*(0)
##$ACQ_ScanPipeJobSettings=( 1 )
(STORE_raw, STORE_32bit_signed, DISPLAY_each_scan, LOG_none, ACCUM_average, 
256, 1, 0, 0, 427, 256, NORMALIZE_none, PIPELINE_raw, 0, STREAMING_none)
##$ACQ_SetupPipeJobSettings=( 1 )
(DISPLAY_each_accumulation, 1)
##$ACQ_ScanInnerAccumWeights=( 1, 256 )
@53*(1) 2 2 2 2 2 2 2 1 1 1 1 1 1 1 1 2 2 2 2 3 2 2 2 2 1 1 1 1 1 1 2 2 2 3 3 
3 3 3 2 2 2 1 1 1 1 1 2 2 3 3 3 4 3 3 3 2 2 1 1 1 1 1 2 2 3 3 4 4 4 3 3 2 2 1 
1 1 1 1 2 3 3 4 4 4 4 4 3 3 2 1 1 1 1 1 2 2 3 3 4 4 4 3 3 2 2 1 1 1 1 1 2 2 3 
3 3 4 3 3 3 2 2 1 1 1 1 1 2 2 2 3 3 3 3 3 2 2 2 1 1 1 1 1 1 2 2 2 2 3 2 2 2 2 
1 1 1 1 1 1 1 1 2 2 2 2 2 2 2 @36*(1)
##$ACQ_ScanOuterAccumWeights=( 1, 1 )
0
##$ACQ_ScanOnlineReco=Yes
##$ACQ_ScanTagFilterLength=( 8 )
0 0 0 0 0 0 0 0
##$ACQ_ScanFtDisplay=No
##$ACQ_jobs_size=1
##$ACQ_repetition_time=( 1 )
519.721968069986
##$ACQ_scan_type=Scan_Experiment
##$ACQ_DebugOptions=(20, 0, No)
##$ACQ_TriggerTimeout=(30, No, No)
##$ACQ_dim=3
##$ACQ_RxFilterDefaultOptions=( 1 )
(No, No)
##$ACQ_SetupRecoDisplay=No
##$ACQ_SetupDim=1
##$ACQ_SetupImageType=MAGNITUDE_IMAGE
##$ACQ_SetupOnlineReco=Yes
##$ACQ_SetupShowDigFilling=Yes
##$ACQ_SetupType=Spectrometer_Parameters
##$ACQ_SetupFtDisplay=Yes
##$ACQ_RxFilterSettings=( 1 )
(HwFilter_BypassFir, SwFilter_LowPassSharp_Decim, 3780, 16, 0, 0, 
SwDataExt_Zero, 0)
##$ACQ_RxFilterInfo=( 1 )
(76.125, 0, 8, 19.9420852595542, 31)
##$ACQ_jobs=( 1 )
(4096, 1, 0, 427, 80.6, 3968.25396825397, 427, 1, <job0>)
##$ACQ_preload=0
##$ACQ_branch_preload=( 10, 2 )
@18*(1000000) 500 500
##$ACQ_ReceiverSelect=( 3 )
Yes Yes No
##$ACQ_ReceiverSelectPerChan=( 2, 3 )
No Yes No Yes No No
##$ACQ_TxSguSelect=( 3 )
Yes Yes No
##$ACQ_RfShapes=( 64 )
(<bp.exc>, 0.61130794441076, 0, 0.5, 0, @24*(100), @24*(0)) (<$RefPulse1Shape>
, 103.84239320659, 0, 0, 0, @24*(100), @24*(0)) (<>, 0, 0, 0.5, 0, @24*(0), 
@24*(0)) (<>, 0, 0, 0.5, 0, @24*(0), @24*(0)) (<>, 0, 0, 0.5, 0, @24*(0), 
@24*(0)) (<>, 0, 0, 0.5, 0, @24*(0), @24*(0)) (<>, 0, 0, 0.5, 0, @24*(0), 
@24*(0)) (<>, 0, 0, 0.5, 0, @24*(0), @24*(0)) (<>, 0, 0, 0.5, 0, @24*(0), 
@24*(0)) (<>, 0, 0, 0.5, 0, @24*(0), @24*(0)) (<>, 0, 0, 0.5, 0, @24*(0), 
@24*(0)) (<>, 0, 0, 0.5, 0, @24*(0), @24*(0)) (<>, 0, 0, 0.5, 0, @24*(0), 
@24*(0)) (<>, 0, 0, 0.5, 0, @24*(0), @24*(0)) (<>, 0, 0, 0.5, 0, @24*(0), 
@24*(0)) (<>, 0, 0, 0.5, 0, @24*(0), @24*(0)) (<>, 0, 0, 0.5, 0, @24*(0), 
@24*(0)) (<>, 0, 0, 0.5, 0, @24*(0), @24*(0)) (<>, 0, 0, 0.5, 0, @24*(0), 
@24*(0)) (<>, 0, 0, 0.5, 0, @24*(0), @24*(0)) (<>, 0, 0, 0.5, 0, @24*(0), 
@24*(0)) (<>, 0, 0, 0.5, 0, @24*(0), @24*(0)) (<>, 0, 0, 0.5, 0, @24*(0), 
@24*(0)) (<>, 0, 0, 0.5, 0, @24*(0), @24*(0)) (<>, 0, 0, 0.5, 0, @24*(0), 
@24*(0)) (<>, 0, 0, 0.5, 0, @24*(0), @24*(0)) (<>, 0, 0, 0.5, 0, @24*(0), 
@24*(0)) (<>, 0, 0, 0.5, 0, @24*(0), @24*(0)) (<>, 0, 0, 0.5, 0, @24*(0), 
@24*(0)) (<>, 0, 0, 0.5, 0, @24*(0), @24*(0)) (<>, 0, 0, 0.5, 0, @24*(0), 
@24*(0)) (<>, 0, 0, 0.5, 0, @24*(0), @24*(0)) (<>, 0, 0, 0.5, 0, @24*(0), 
@24*(0)) (<>, 0, 0, 0.5, 0, @24*(0), @24*(0)) (<>, 0, 0, 0.5, 0, @24*(0), 
@24*(0)) (<>, 0, 0, 0.5, 0, @24*(0), @24*(0)) (<>, 0, 0, 0.5, 0, @24*(0), 
@24*(0)) (<>, 0, 0, 0.5, 0, @24*(0), @24*(0)) (<>, 0, 0, 0.5, 0, @24*(0), 
@24*(0)) (<>, 0, 0, 0.5, 0, @24*(0), @24*(0)) (<$PVM_FatSupPulShape>, 
0.0664499136969781, 0, 0.5, 0, @24*(100), @24*(0)) (<sech.exc>, 
0.718056532281624, 0, 0.5, 0, @24*(100), @24*(0)) (<>, 0, 0, 0.5, 0, @24*(0), 
@24*(0)) (<>, 0, 0, 0.5, 0, @24*(0), @24*(0)) (<>, 0, 0, 0.5, 0, @24*(0), 
@24*(0)) (<>, 0, 0, 0.5, 0, @24*(0), @24*(0)) (<>, 0, 0, 0.5, 0, @24*(0), 
@24*(0)) (<>, 0, 0, 0.5, 0, @24*(0), @24*(0)) (<>, 0, 0, 0.5, 0, @24*(0), 
@24*(0)) (<>, 0, 0, 0.5, 0, @24*(0), @24*(0)) (<>, 0, 0, 0.5, 0, @24*(0), 
@24*(0)) (<>, 0, 0, 0.5, 0, @24*(0), @24*(0)) (<>, 0, 0, 0.5, 0, @24*(0), 
@24*(0)) (<sech.exc>, 45.9556180660239, 0, 0.5, 0, @24*(100), @24*(0)) (<>, 0,
 0, 0.5, 0, @24*(0), @24*(0)) (<>, 0, 0, 0.5, 0, @24*(0), @24*(0)) (<>, 0, 0, 
0.5, 0, @24*(0), @24*(0)) (<>, 0, 0, 0.5, 0, @24*(0), @24*(0)) (<>, 0, 0, 0.5,
 0, @24*(0), @24*(0)) (<>, 0, 0, 0.5, 0, @24*(0), @24*(0)) (<>, 0, 0, 0.5, 0, 
@24*(0), @24*(0)) (<>, 0, 0, 0.5, 0, @24*(0), @24*(0)) (<>, 0, 0, 0.5, 0, 
@24*(0), @24*(0)) (<>, 0, 0, 0.5, 0, @24*(0), @24*(0))
##$ACQ_WriteServerIOR=( 445 )
<IOR:010000002600000049444c3a73632e6e6d722e6272756b65722e64652f6163712f41637157726974653a312e300000000100000000000000a0000000010102000c00000031302e352e3134362e373500c9aa00000e000000fee281636400001bd4000000000300000400000000000000080000000100000000545441010000001c000000010000000100010501000000010001050901010001000000090101000300000018000000010000000d0000003134392e3233362e39392e310000a48e0300000014000000010000000a0000003132372e302e302e3100bcd4>
##$D=( 64 )
4.54747350886464e-16 0.0005 0 0 0.00013 0 0.00122881478531408 @57*(0)
##$P=( 64 )
467.153284671533 425 @62*(0)
##$PLW=( 64 )
@64*(0)
##$PH_ref=0
##$BF1=127.642801832943
##$SFO1=127.642801832943
##$O1=0
##$BF2=127.64
##$SFO2=127.64
##$O2=0
##$BF3=127.64
##$SFO3=127.64
##$O3=0
##$BF4=127.64
##$SFO4=127.64
##$O4=0
##$BF5=127.64
##$SFO5=127.64
##$O5=0
##$BF6=127.64
##$SFO6=127.64
##$O6=0
##$BF7=127.64
##$SFO7=127.64
##$O7=0
##$BF8=127.64
##$SFO8=127.64
##$O8=0
##$NUC1=( 8 )
<1H>
##$NUC2=( 8 )
<off>
##$NUC3=( 8 )
<off>
##$NUC4=( 8 )
<off>
##$NUC5=( 8 )
<off>
##$NUC6=( 8 )
<off>
##$NUC7=( 8 )
<off>
##$NUC8=( 8 )
<off>
##$L=( 32 )
0 256 @30*(0)
##$ACQ_DriftCompActive=No
##$ACQ_DriftCompJob=1
##$ACQ_DriftCompFilterWidth=1
##$ACQ_DriftCompStep=1
##$ACQ_DriftCompOffset=0
##$ACQ_DriftCompDebug=No
##$DTYPA=Double
##$GOSI_RepetitionTime=519.721968069986
##$GOSI_ExperimentDurationFactor=0.1
$$ @vis= ACQP ACQ_COMMON ACQ_protocol_name ACQ_scan_name ACQ_method
$$ @vis= ACQ_patient_pos ACQ_abs_time ACQ_operator ACQ_institution ACQ_station
$$ @vis= ACQ_system_order_number ACQ_sw_version ACQ_contrast_agent
$$ @vis= ACQ_contrast ACQ_ATS ACQ_AtsOffsetsSize ACQ_AtsOffsets
$$ @vis= ACQ_AtsAbsolutePosition ACQ_AtsCenterDistance ACQ_AtsCurrentOffset
$$ @vis= ACQ_AtsCoverOpen PULPROG ACQ_experiment_mode ACQ_n_experiments
$$ @vis= ACQ_experiments ACQ_DS_enabled ACQ_switch_pll_enabled ACQ_GradRes
$$ @vis= ACQ_dim_desc ACQ_size ACQ_ns_list_size ACQ_ns ACQ_ns_list
$$ @vis= ACQ_phase_factor ACQ_scan_size NI NA NAE NR DS SW_h SF0ppm
$$ @vis= ACQ_O1_mode ACQ_O1_list_size ACQ_O1_list ACQ_O1B_list_size
$$ @vis= ACQ_O1B_list ACQ_O2_mode ACQ_O2_list_size ACQ_O2_list ACQ_O3_mode
$$ @vis= ACQ_O3_list_size ACQ_O3_list NUCLEUS ACQ_vd_list_size
$$ @vis= ACQ_vp_list_size ACQ_INFO ACQ_completed ACQ_word_size NECHOES
$$ @vis= ACQ_n_echo_images ACQ_n_movie_frames ACQ_echo_descr ACQ_movie_descr
$$ @vis= ACQ_fov ACQ_read_ext ACQ_slice_angle ACQ_slice_orient ACQ_read_offset
$$ @vis= ACQ_phase1_offset ACQ_phase2_offset ACQ_slice_sepn
$$ @vis= ACQ_slice_sepn_mode ACQ_slice_thick ACQ_slice_offset ACQ_obj_order
$$ @vis= ACQ_flip_angle ACQ_inter_echo_time ACQ_recov_time ACQ_inversion_time
$$ @vis= ACQ_temporal_delay ACQ_RF_power ACQ_transmitter_coil ACQ_position_X
$$ @vis= ACQ_position_Y ACQ_position_Z BYTORDA ACQ_adc_overflow GRPDLY FRQLO3
$$ @vis= HIRES FQ1LIST FQ2LIST FQ3LIST FQ8LIST HPPRGN LOCNUC SOLVENT
$$ @vis= AVANCE_PARS DE GRAD_PARS ACQ_scaling_read ACQ_scaling_phase
$$ @vis= ACQ_scaling_slice ACQ_grad_matrix_size ACQ_grad_matrix
$$ @vis= ACQ_GradientMatrixSize ACQ_GradientMatrix NSLICES
$$ @vis= ACQ_phase_encoding_mode ACQ_phase_enc_start ACQ_spatial_size_0
$$ @vis= ACQ_spatial_phase_0 ACQ_spatial_size_1 ACQ_spatial_phase_1
$$ @vis= ACQ_spatial_size_2 ACQ_spatial_phase_2 ACQ_gradient_amplitude
$$ @vis= ACQ_SCAN ACQ_ScanPipeJobSettings ACQ_SetupPipeJobSettings
$$ @vis= ACQ_ScanInnerAccumWeights ACQ_ScanOuterAccumWeights
$$ @vis= ACQ_ScanOnlineReco ACQ_ScanTagFilterLength ACQ_ScanFtDisplay
$$ @vis= ACQ_jobs_size ACQ_repetition_time ACQ_scan_type ACQ_DebugOptions
$$ @vis= ACQ_TriggerTimeout ACQ_dim ACQ_RxFilterDefaultOptions ACQ_SETUP
$$ @vis= ACQ_SetupRecoDisplay ACQ_SetupDim ACQ_SetupImageType
$$ @vis= ACQ_SetupOnlineReco ACQ_SetupShowDigFilling ACQ_SetupType
$$ @vis= ACQ_SetupFtDisplay ACQ_CONTROL ACQ_RxFilterSettings ACQ_RxFilterInfo
$$ @vis= ACQ_jobs ACQ_preload ACQ_branch_preload ACQ_ReceiverSelect
$$ @vis= ACQ_ReceiverSelectPerChan ACQ_TxSguSelect ACQ_RfShapes
$$ @vis= ACQ_WriteServerIOR D P PLW PH_ref BF1 SFO1 O1 BF2 SFO2 O2 BF3 SFO3 O3
$$ @vis= BF4 SFO4 O4 BF5 SFO5 O5 BF6 SFO6 O6 BF7 SFO7 O7 BF8 SFO8 O8 NUC1 NUC2
$$ @vis= NUC3 NUC4 NUC5 NUC6 NUC7 NUC8 L Drift ACQ_DriftCompActive
$$ @vis= ACQ_DriftCompJob ACQ_DriftCompFilterWidth ACQ_DriftCompStep
$$ @vis= ACQ_DriftCompOffset ACQ_DriftCompDebug DTYPA GOSI GOSI_RepetitionTime
$$ @vis= GOSI_ExperimentDurationFactor
##END=
$$ File finished by PARX at 2023-05-16 15:18:59.990 +0200
